FRAMEWORK: >= NET461
NUGET
  remote: https://www.nuget.org/api/v2
    FSharp.Core (4.1)
      System.ValueTuple (>= 4.3)
    FSharp.Data (2.3.2)
    System.ValueTuple (4.3)
